GIT
  remote: https://github.com/spree-contrib/spree_editor.git
  revision: 3b329f49e6e38cb226f702fd8cbfa9f9c35efad4
  specs:
    spree_editor (3.3.0)
      ckeditor (~> 4.2.0)
      spree_backend (>= 3.1.0, < 4.0)
      spree_core (>= 3.1.0, < 4.0)
      spree_extension
      tinymce-rails (~> 4.2.5)

GIT
  remote: https://github.com/spree-contrib/spree_i18n.git
  revision: 32b62f0afa431bdf0aeb1908a254a01549148e4e
  specs:
    spree_i18n (3.3.0)
      i18n_data
      kaminari-i18n
      rails-i18n
      routing-filter
      spree_core (>= 3.1.0, < 4.0)
      spree_extension

GIT
  remote: https://github.com/spree-contrib/spree_mail_settings.git
  revision: 9aa74685b2650c21ff9d88b24f6811ecd5cb6d1e
  specs:
    spree_mail_settings (3.2.0.alpha)
      spree_auth_devise (>= 3.1.0, < 4.0)
      spree_backend (>= 3.1.0, < 4.0)

GIT
  remote: https://github.com/spree-contrib/spree_multi_currency.git
  revision: 7b1fc8cc1fd52ef9e5fe92b78aee06ddca7b3d46
  specs:
    spree_multi_currency (3.3.0.rc1)
      spree_backend (>= 3.1.0, < 4.0)
      spree_extension

GIT
  remote: https://github.com/spree-contrib/spree_print_invoice.git
  revision: 1730a5757965e304be4b8fc3e5092a2940057251
  branch: master
  specs:
    spree_print_invoice (3.0.0.beta)
      prawn-rails (~> 0.1.1)
      spree_core (>= 3.1.0, < 4.0)

GIT
  remote: https://github.com/spree-contrib/spree_related_products.git
  revision: be54f698629eba70b8135e7f5cacbc57962aee71
  specs:
    spree_related_products (3.3.0)
      spree_backend (>= 3.1.0, < 4.0)
      spree_extension

GIT
  remote: https://github.com/spree-contrib/spree_reviews.git
  revision: a255eea4ccf2972906966d43d7202c2423636f19
  specs:
    spree_reviews (3.2.0.alpha)
      spree_auth_devise (>= 3.1.0, < 4.0)
      spree_core (>= 3.1.0, < 4.0)

GIT
  remote: https://github.com/spree-contrib/spree_sitemap.git
  revision: 81d28dee3389fd054c4105588c5a9ac8dcbb25b5
  specs:
    spree_sitemap (3.3.0)
      sitemap_generator
      spree_core (>= 3.1.0, < 4.0)
      spree_extension

GIT
  remote: https://github.com/spree-contrib/spree_social.git
  revision: 79fa888b00efad92a9c391512d94aa4b7f438679
  specs:
    spree_social (3.3.0)
      oa-core
      omniauth
      omniauth-amazon
      omniauth-facebook
      omniauth-github
      omniauth-google-oauth2
      omniauth-twitter
      spree_auth_devise (>= 3.2.0.beta, < 4.0)
      spree_core (>= 3.1.0, < 4.0)
      spree_extension

GIT
  remote: https://github.com/spree-contrib/spree_static_content.git
  revision: cdb44132e8ae4e1638e920ec1199d6dc99c0cb5e
  specs:
    spree_static_content (3.3.0)
      spree_core (>= 3.1.0, < 4.0)
      spree_extension

GIT
  remote: https://github.com/thanhtungka91/spree_sales.git
  revision: aad85883f2724e6dd680460ecf73e640e5e95cc0
  branch: master
  specs:
    spree_sales (3.2.0)
      date_validator
      spree_core (>= 3.1.0, < 4.0)
      spree_extension
      spree_frontend (>= 3.1.0, < 4.0)

GEM
  remote: https://rubygems.org/
  specs:
    actioncable (5.0.6)
      actionpack (= 5.0.6)
      nio4r (>= 1.2, < 3.0)
      websocket-driver (~> 0.6.1)
    actionmailer (5.0.6)
      actionpack (= 5.0.6)
      actionview (= 5.0.6)
      activejob (= 5.0.6)
      mail (~> 2.5, >= 2.5.4)
      rails-dom-testing (~> 2.0)
    actionpack (5.0.6)
      actionview (= 5.0.6)
      activesupport (= 5.0.6)
      rack (~> 2.0)
      rack-test (~> 0.6.3)
      rails-dom-testing (~> 2.0)
      rails-html-sanitizer (~> 1.0, >= 1.0.2)
    actionview (5.0.6)
      activesupport (= 5.0.6)
      builder (~> 3.1)
      erubis (~> 2.7.0)
      rails-dom-testing (~> 2.0)
      rails-html-sanitizer (~> 1.0, >= 1.0.3)
    activejob (5.0.6)
      activesupport (= 5.0.6)
      globalid (>= 0.3.6)
    activemerchant (1.71.0)
      activesupport (>= 3.2.14, < 6.x)
      builder (>= 2.1.2, < 4.0.0)
      i18n (>= 0.6.9)
      nokogiri (~> 1.4)
    activemodel (5.0.6)
      activesupport (= 5.0.6)
    activerecord (5.0.6)
      activemodel (= 5.0.6)
      activesupport (= 5.0.6)
      arel (~> 7.0)
    activesupport (5.0.6)
      concurrent-ruby (~> 1.0, >= 1.0.2)
      i18n (~> 0.7)
      minitest (~> 5.1)
      tzinfo (~> 1.1)
    acts-as-taggable-on (4.0.0)
      activerecord (>= 4.0)
    acts_as_list (0.9.7)
      activerecord (>= 3.0)
    addressable (2.5.2)
      public_suffix (>= 2.0.2, < 4.0)
    arel (7.1.4)
    autoprefixer-rails (7.1.4)
      execjs
    awesome_nested_set (3.1.3)
      activerecord (>= 4.0.0, < 5.2)
    aws-sdk (1.67.0)
      aws-sdk-v1 (= 1.67.0)
    aws-sdk-v1 (1.67.0)
      json (~> 1.4)
      nokogiri (~> 1)
    bcrypt (3.1.11)
    bindex (0.5.0)
    bootstrap-sass (3.3.7)
      autoprefixer-rails (>= 5.2.1)
      sass (>= 3.3.4)
    builder (3.2.3)
    byebug (9.1.0)
    camertron-eprun (1.1.1)
    cancancan (1.10.1)
    canonical-rails (0.1.2)
      rails (>= 4.1, < 5.1)
    carmen (1.0.2)
      activesupport (>= 3.0.0)
    chronic (0.10.2)
    ckeditor (4.2.4)
      cocaine
      orm_adapter (~> 0.5.0)
    cldr-plurals-runtime-rb (1.0.1)
    climate_control (0.2.0)
    cocaine (0.5.8)
      climate_control (>= 0.0.3, < 1.0)
    coffee-rails (4.2.2)
      coffee-script (>= 2.2.0)
      railties (>= 4.0.0)
    coffee-script (2.4.1)
      coffee-script-source
      execjs
    coffee-script-source (1.12.2)
    concurrent-ruby (1.0.5)
    css_parser (1.6.0)
      addressable
    date_validator (0.9.0)
      activemodel
      activesupport
    deface (1.2.0)
      nokogiri (~> 1.6)
      polyglot
      rails (>= 4.1)
      rainbow (>= 2.1.0)
    devise (4.3.0)
      bcrypt (~> 3.0)
      orm_adapter (~> 0.1)
      railties (>= 4.1.0, < 5.2)
      responders
      warden (~> 1.2.3)
    devise-encryptable (0.2.0)
      devise (>= 2.1.0)
    erubis (2.7.0)
    execjs (2.7.0)
    faraday (0.12.2)
      multipart-post (>= 1.2, < 3)
    ffaker (2.2.0)
    ffi (1.9.18)
    figaro (1.1.1)
      thor (~> 0.14)
    font-awesome-rails (4.7.0.2)
      railties (>= 3.2, < 5.2)
    friendly_id (5.1.0)
      activerecord (>= 4.0.0)
    globalid (0.4.0)
      activesupport (>= 4.2.0)
    hashie (3.5.6)
    highline (1.6.21)
    htmlentities (4.3.4)
    i18n (0.8.6)
    i18n_data (0.8.0)
    jbuilder (2.7.0)
      activesupport (>= 4.2.0)
      multi_json (>= 1.2)
    jquery-rails (4.3.1)
      rails-dom-testing (>= 1, < 3)
      railties (>= 4.2.0)
      thor (>= 0.14, < 2.0)
    jquery-ui-rails (5.0.5)
      railties (>= 3.2.16)
    json (1.8.6)
    jwt (1.5.6)
    kaminari (0.17.0)
      actionpack (>= 3.0.0)
      activesupport (>= 3.0.0)
    kaminari-i18n (0.4.0)
      kaminari
      rails
    listen (3.0.8)
      rb-fsevent (~> 0.9, >= 0.9.4)
      rb-inotify (~> 0.9, >= 0.9.7)
    loofah (2.0.3)
      nokogiri (>= 1.5.9)
    mail (2.6.6)
      mime-types (>= 1.16, < 4)
    method_source (0.8.2)
    mime-types (3.1)
      mime-types-data (~> 3.2015)
    mime-types-data (3.2016.0521)
    mimemagic (0.3.0)
    mini_portile2 (2.2.0)
    minitest (5.10.3)
    monetize (1.7.0)
      money (~> 6.9)
    money (6.9.0)
      i18n (>= 0.6.4, < 0.9)
    multi_json (1.12.2)
    multi_xml (0.6.0)
    multipart-post (2.0.0)
    nio4r (2.1.0)
    nokogiri (1.8.0)
      mini_portile2 (~> 2.2.0)
    oa-core (0.3.2)
    oauth (0.5.3)
    oauth2 (1.4.0)
      faraday (>= 0.8, < 0.13)
      jwt (~> 1.0)
      multi_json (~> 1.3)
      multi_xml (~> 0.5)
      rack (>= 1.2, < 3)
    omniauth (1.6.1)
      hashie (>= 3.4.6, < 3.6.0)
      rack (>= 1.6.2, < 3)
    omniauth-amazon (1.0.1)
      omniauth (~> 1.0)
      omniauth-oauth2 (~> 1.1)
    omniauth-facebook (4.0.0)
      omniauth-oauth2 (~> 1.2)
    omniauth-github (1.3.0)
      omniauth (~> 1.5)
      omniauth-oauth2 (>= 1.4.0, < 2.0)
    omniauth-google-oauth2 (0.5.2)
      jwt (~> 1.5)
      multi_json (~> 1.3)
      omniauth (>= 1.1.1)
      omniauth-oauth2 (>= 1.3.1)
    omniauth-oauth (1.1.0)
      oauth
      omniauth (~> 1.0)
    omniauth-oauth2 (1.4.0)
      oauth2 (~> 1.0)
      omniauth (~> 1.2)
    omniauth-twitter (1.4.0)
      omniauth-oauth (~> 1.1)
      rack
    orm_adapter (0.5.0)
    paperclip (4.3.7)
      activemodel (>= 3.2.0)
      activesupport (>= 3.2.0)
      cocaine (~> 0.5.5)
      mime-types
      mimemagic (= 0.3.0)
    paranoia (2.2.1)
      activerecord (>= 4.0, < 5.1)
    pdf-core (0.7.0)
    pg (0.21.0)
    polyamorous (1.3.1)
      activerecord (>= 3.0)
    polyglot (0.3.5)
    prawn (2.2.2)
      pdf-core (~> 0.7.0)
      ttfunk (~> 1.5)
    prawn-rails (0.1.1)
      prawn
      prawn-table
      rails (>= 3.1.0)
    prawn-table (0.2.2)
      prawn (>= 1.3.0, < 3.0.0)
    premailer (1.10.4)
      addressable
      css_parser (>= 1.4.10)
      htmlentities (>= 4.0.0)
    premailer-rails (1.9.7)
      actionmailer (>= 3, < 6)
      premailer (~> 1.7, >= 1.7.9)
    public_suffix (3.0.0)
    puma (3.10.0)
    rabl (0.13.1)
      activesupport (>= 2.3.14)
    rack (2.0.3)
    rack-cors (1.0.1)
    rack-test (0.6.3)
      rack (>= 1.0)
    rails (5.0.6)
      actioncable (= 5.0.6)
      actionmailer (= 5.0.6)
      actionpack (= 5.0.6)
      actionview (= 5.0.6)
      activejob (= 5.0.6)
      activemodel (= 5.0.6)
      activerecord (= 5.0.6)
      activesupport (= 5.0.6)
      bundler (>= 1.3.0)
      railties (= 5.0.6)
      sprockets-rails (>= 2.0.0)
    rails-dom-testing (2.0.3)
      activesupport (>= 4.2.0)
      nokogiri (>= 1.6)
    rails-html-sanitizer (1.0.3)
      loofah (~> 2.0)
    rails-i18n (5.0.4)
      i18n (~> 0.7)
      railties (~> 5.0)
    railties (5.0.6)
      actionpack (= 5.0.6)
      activesupport (= 5.0.6)
      method_source
      rake (>= 0.8.7)
      thor (>= 0.18.1, < 2.0)
    rainbow (2.2.2)
      rake
    rake (12.1.0)
    ransack (1.8.3)
      actionpack (>= 3.0)
      activerecord (>= 3.0)
      activesupport (>= 3.0)
      i18n
      polyamorous (~> 1.3)
    rb-fsevent (0.10.2)
    rb-inotify (0.9.10)
      ffi (>= 0.5.0, < 2)
    responders (2.4.0)
      actionpack (>= 4.2.0, < 5.3)
      railties (>= 4.2.0, < 5.3)
    routing-filter (0.6.1)
      actionpack (>= 4.2, < 5.2)
      activesupport (>= 4.2, < 5.2)
    sass (3.5.1)
      sass-listen (~> 4.0.0)
    sass-listen (4.0.0)
      rb-fsevent (~> 0.9, >= 0.9.4)
      rb-inotify (~> 0.9, >= 0.9.7)
    sass-rails (5.0.6)
      railties (>= 4.0.0, < 6)
      sass (~> 3.1)
      sprockets (>= 2.8, < 4.0)
      sprockets-rails (>= 2.0, < 4.0)
      tilt (>= 1.1, < 3)
    select2-rails (3.5.9.1)
      thor (~> 0.14)
    sitemap_generator (5.3.1)
      builder (~> 3.0)
    spree (3.2.4)
      spree_api (= 3.2.4)
      spree_backend (= 3.2.4)
      spree_cmd (= 3.2.4)
      spree_core (= 3.2.4)
      spree_frontend (= 3.2.4)
      spree_sample (= 3.2.4)
    spree_api (3.2.4)
      rabl (~> 0.13.1)
      spree_core (= 3.2.4)
      versioncake (~> 3.1.0)
    spree_auth_devise (3.3.1)
      devise (~> 4.3.0)
      devise-encryptable (= 0.2.0)
      spree_core (>= 3.1.0, < 4.0)
      spree_extension
    spree_backend (3.2.4)
      bootstrap-sass (~> 3.3)
      jquery-rails (~> 4.3)
      jquery-ui-rails (~> 5.0)
      select2-rails (= 3.5.9.1)
      spree_api (= 3.2.4)
      spree_core (= 3.2.4)
    spree_cmd (3.2.4)
      thor (~> 0.14)
    spree_core (3.2.4)
      activemerchant (~> 1.59)
      acts-as-taggable-on (~> 4.0)
      acts_as_list (~> 0.8)
      awesome_nested_set (~> 3.1.1)
      cancancan (~> 1.10.1)
      carmen (~> 1.0.0)
      deface (~> 1.0)
      ffaker (~> 2.2.0)
      font-awesome-rails (~> 4.0)
      friendly_id (~> 5.1.0)
      highline (~> 1.6.18)
      kaminari (~> 0.17)
      monetize (~> 1.1)
      paperclip (~> 4.3.0)
      paranoia (~> 2.2.0.pre)
      premailer-rails
      rails (~> 5.0.0)
      ransack (~> 1.8.0)
      responders
      sprockets-rails
      state_machines-activerecord (~> 0.5)
      stringex
      twitter_cldr (~> 3.0)
    spree_extension (0.0.5)
      activerecord (>= 4.2)
    spree_frontend (3.2.4)
      bootstrap-sass (>= 3.3.5.1, < 3.4)
      canonical-rails (~> 0.1.0)
      jquery-rails (~> 4.3)
      spree_api (= 3.2.4)
      spree_core (= 3.2.4)
    spree_gateway (3.3.0)
      spree_core (>= 3.1.0, < 4.0)
      spree_extension
    spree_sample (3.2.4)
      spree_core (= 3.2.4)
    spring (2.0.2)
      activesupport (>= 4.2)
    spring-watcher-listen (2.0.1)
      listen (>= 2.7, < 4.0)
      spring (>= 1.2, < 3.0)
    sprockets (3.7.1)
      concurrent-ruby (~> 1.0)
      rack (> 1, < 3)
    sprockets-rails (3.2.1)
      actionpack (>= 4.0)
      activesupport (>= 4.0)
      sprockets (>= 3.0.0)
    state_machines (0.5.0)
    state_machines-activemodel (0.5.0)
      activemodel (>= 4.1, < 5.2)
      state_machines (>= 0.5.0)
    state_machines-activerecord (0.5.0)
      activerecord (>= 4.1, < 5.2)
      state_machines-activemodel (>= 0.5.0)
    stringex (2.7.1)
    thor (0.20.0)
    thread_safe (0.3.6)
    tilt (2.0.8)
    tinymce-rails (4.2.8)
      railties (>= 3.1.1)
    ttfunk (1.5.1)
    turbolinks (5.0.1)
      turbolinks-source (~> 5)
    turbolinks-source (5.0.3)
    twitter_cldr (3.6.0)
      camertron-eprun
      cldr-plurals-runtime-rb (~> 1.0)
      tzinfo
    tzinfo (1.2.3)
      thread_safe (~> 0.1)
    uglifier (3.2.0)
      execjs (>= 0.3.0, < 3)
    versioncake (3.1.0)
      actionpack (>= 3.2)
      activesupport (>= 3.2)
      railties (>= 3.2)
      tzinfo
    warden (1.2.7)
      rack (>= 1.0)
    web-console (3.5.1)
      actionview (>= 5.0)
      activemodel (>= 5.0)
      bindex (>= 0.4.0)
      railties (>= 5.0)
    websocket-driver (0.6.5)
      websocket-extensions (>= 0.1.0)
    websocket-extensions (0.1.2)
    whenever (0.9.7)
      chronic (>= 0.6.3)

PLATFORMS
  ruby

DEPENDENCIES
  aws-sdk (< 2.0)
  byebug
  coffee-rails (~> 4.2)
  figaro
  jbuilder (~> 2.5)
  jquery-rails
  listen (~> 3.0.5)
  pg (~> 0.18)
  puma (~> 3.0)
  rack-cors
  rails (~> 5.0.4)
  sass-rails (~> 5.0)
  spree (~> 3.2.0)
  spree_auth_devise (~> 3.2)
  spree_editor!
  spree_gateway (~> 3.2)
  spree_i18n!
  spree_mail_settings!
  spree_multi_currency!
  spree_print_invoice!
  spree_related_products!
  spree_reviews!
  spree_sales!
  spree_sitemap!
  spree_social!
  spree_static_content!
  spring
  spring-watcher-listen (~> 2.0.0)
  turbolinks (~> 5)
  tzinfo-data
  uglifier (>= 1.3.0)
  web-console (>= 3.3.0)
  whenever

BUNDLED WITH
   1.15.1
